GEM
  remote: https://rubygems.org/
  specs:
    active_support (3.0.0)
      activesupport (= 3.0.0)
    activesupport (3.0.0)
    backports (3.3.5)
    coderay (1.0.9)
    coffee-script (2.2.0)
      coffee-script-source
      execjs
    coffee-script-source (1.6.3)
    execjs (2.0.2)
    faraday (0.8.8)
      multipart-post (~> 1.2.0)
    hike (1.2.3)
    i18n (0.6.5)
    kgio (2.8.1)
    method_source (0.8.2)
    multi_json (1.8.1)
    multipart-post (1.2.0)
    pry (0.9.12.2)
      coderay (~> 1.0.5)
      method_source (~> 0.8)
      slop (~> 3.4)
    rack (1.5.2)
    rack-protection (1.5.0)
      rack
    rack-test (0.6.2)
      rack (>= 1.0)
    raindrops (0.12.0)
    rake (10.1.0)
    ratpack (0.1.3)
      rack (>= 1.0.0)
      sinatra (>= 0.9.1)
    sinatra (1.4.3)
      rack (~> 1.4)
      rack-protection (~> 1.4)
      tilt (~> 1.3, >= 1.3.4)
    sinatra-contrib (1.4.1)
      backports (>= 2.0)
      multi_json
      rack-protection
      rack-test
      sinatra (~> 1.4.0)
      tilt (~> 1.3)
    sinatra-reloader (1.0)
      sinatra-contrib
    slim (2.0.1)
      temple (~> 0.6.6)
      tilt (>= 1.3.3, < 2.1)
    slop (3.4.6)
    sprockets (2.10.0)
      hike (~> 1.2)
      multi_json (~> 1.0)
      rack (~> 1.0)
      tilt (~> 1.1, != 1.3.0)
    sprockets-helpers (1.0.1)
      sprockets (~> 2.0)
    temple (0.6.7)
    tilt (1.4.1)
    unicorn (4.6.3)
      kgio (~> 2.6)
      rack
      raindrops (~> 0.7)

PLATFORMS
  ruby

DEPENDENCIES
  active_support (~> 3.0.0)
  coffee-script (~> 2.2.0)
  faraday (~> 0.8.8)
  i18n (~> 0.6.5)
  pry (~> 0.9.12.2)
  rake (~> 10.1.0)
  ratpack (~> 0.1.3)
  sinatra (~> 1.4.3)
  sinatra-reloader (~> 1.0)
  slim (~> 2.0.1)
  sprockets (~> 2.10.0)
  sprockets-helpers (~> 1.0.1)
  unicorn (~> 4.6.3)
